PATH
  remote: .
  specs:
    respoke (1.0.0)
      faraday (~> 0.9)
      faraday_middleware (~> 0.9)
      hashie (~> 3.3.2)

GEM
  remote: https://rubygems.org/
  specs:
    addressable (2.3.6)
    ansi (1.4.3)
    ast (2.0.0)
    builder (3.2.2)
    crack (0.4.2)
      safe_yaml (~> 1.0.0)
    docile (1.1.5)
    faraday (0.9.0)
      multipart-post (>= 1.2, < 3)
    faraday_middleware (0.9.1)
      faraday (>= 0.7.4, < 0.10)
    hashie (3.3.2)
    minitest (5.5.0)
    minitest-reporters (1.0.8)
      ansi
      builder
      minitest (>= 5.0)
      ruby-progressbar
    multi_json (1.10.1)
    multipart-post (2.0.0)
    parser (2.2.0.1)
      ast (>= 1.1, < 3.0)
      slop (~> 3.4, >= 3.4.5)
    rake (10.4.2)
    ruby-lint (2.0.2)
      parser (~> 2.1, >= 2.1.1)
      slop (~> 3.4, >= 3.4.7)
    ruby-progressbar (1.7.1)
    safe_yaml (1.0.4)
    simplecov (0.9.1)
      docile (~> 1.1.0)
      multi_json (~> 1.0)
      simplecov-html (~> 0.8.0)
    simplecov-html (0.8.0)
    slop (3.6.0)
    timecop (0.7.1)
    vcr (2.9.3)
    webmock (1.20.4)
      addressable (>= 2.3.6)
      crack (>= 0.3.2)
    yard (0.8.7.6)

PLATFORMS
  ruby

DEPENDENCIES
  bundler (~> 1.7)
  minitest
  minitest-reporters
  rake (~> 10.0)
  respoke!
  ruby-lint
  simplecov
  timecop
  vcr
  webmock
  yard
